GEM
  remote: http://rubygems.org/
  specs:
    addressable (2.2.8)
    bcrypt-ruby (3.0.1)
    daemons (1.1.9)
    data_objects (0.10.12)
      addressable (~> 2.1)
    dm-aggregates (1.2.0)
      dm-core (~> 1.2.0)
    dm-core (1.2.0)
      addressable (~> 2.2.6)
    dm-do-adapter (1.2.0)
      data_objects (~> 0.10.6)
      dm-core (~> 1.2.0)
    dm-migrations (1.2.0)
      dm-core (~> 1.2.0)
    dm-postgres-adapter (1.2.0)
      dm-do-adapter (~> 1.2.0)
      do_postgres (~> 0.10.6)
    dm-timestamps (1.2.0)
      dm-core (~> 1.2.0)
    dm-validations (1.2.0)
      dm-core (~> 1.2.0)
    do_postgres (0.10.12)
      data_objects (= 0.10.12)
    eventmachine (1.0.0)
    foreman (0.61.0)
      thor (>= 0.13.6)
    json (1.7.6)
    kgio (2.8.0)
    multi_json (1.5.0)
    mustache (0.99.4)
    newrelic_rpm (3.5.6.46)
    r18n-core (1.1.3)
    rack (1.5.1)
    rack-force_domain (0.2.0)
    rack-protection (1.3.2)
      rack
    rack-test (0.6.2)
      rack (>= 1.0)
    rack-timeout (0.0.3)
    raindrops (0.10.0)
    rb-fsevent (0.9.3)
    redcarpet (2.2.2)
    sass (3.2.5)
    shotgun (0.9)
      rack (>= 1.0)
    simplecov (0.7.1)
      multi_json (~> 1.0)
      simplecov-html (~> 0.7.1)
    simplecov-html (0.7.1)
    sinatra (1.3.4)
      rack (~> 1.4)
      rack-protection (~> 1.3)
      tilt (~> 1.3, >= 1.3.3)
    sinatra-flash (0.3.0)
      sinatra (>= 1.0.0)
    sinatra-r18n (1.1.3)
      r18n-core (= 1.1.3)
      sinatra (>= 1.3)
    stringex (1.5.1)
    thin (1.5.0)
      daemons (>= 1.0.9)
      eventmachine (>= 0.12.6)
      rack (>= 1.0.0)
    thor (0.17.0)
    tilt (1.3.3)
    unicorn (4.5.0)
      kgio (~> 2.6)
      rack
      raindrops (~> 0.7)

PLATFORMS
  ruby

DEPENDENCIES
  bcrypt-ruby
  dm-aggregates
  dm-core
  dm-migrations
  dm-postgres-adapter
  dm-timestamps
  dm-validations
  foreman
  json
  mustache
  newrelic_rpm
  rack-force_domain
  rack-test
  rack-timeout
  rb-fsevent
  redcarpet
  sass
  shotgun
  simplecov
  sinatra
  sinatra-flash
  sinatra-r18n
  stringex
  thin
  unicorn
