GIT
  remote: git@github.com:dabio/taps.git
  revision: a56d8e8494d6bcb529628ee602b9198086a20b9c
  specs:
    taps (0.3.23)
      rack
      rest-client
      sequel
      sinatra
      sqlite3-ruby

GEM
  remote: http://rubygems.org/
  specs:
    addressable (2.2.7)
    backports (2.5.1)
    bcrypt-ruby (3.0.1)
    daemons (1.1.8)
    data_objects (0.10.8)
      addressable (~> 2.1)
    dm-aggregates (1.2.0)
      dm-core (~> 1.2.0)
    dm-core (1.2.0)
      addressable (~> 2.2.6)
    dm-do-adapter (1.2.0)
      data_objects (~> 0.10.6)
      dm-core (~> 1.2.0)
    dm-migrations (1.2.0)
      dm-core (~> 1.2.0)
    dm-postgres-adapter (1.2.0)
      dm-do-adapter (~> 1.2.0)
      do_postgres (~> 0.10.6)
    dm-sqlite-adapter (1.2.0)
      dm-do-adapter (~> 1.2.0)
      do_sqlite3 (~> 0.10.6)
    dm-timestamps (1.2.0)
      dm-core (~> 1.2.0)
    dm-validations (1.2.0)
      dm-core (~> 1.2.0)
    do_postgres (0.10.8)
      data_objects (= 0.10.8)
    do_sqlite3 (0.10.8)
      data_objects (= 0.10.8)
    eventmachine (0.12.10)
    foreman (0.41.0)
      thor (>= 0.13.6)
    heroku (2.24.1)
      launchy (>= 0.3.2)
      netrc (~> 0.7.1)
      rest-client (~> 1.6.1)
      rubyzip
    json (1.6.6)
    launchy (2.1.0)
      addressable (~> 2.2.6)
    mime-types (1.18)
    multi_json (1.3.1)
    mustache (0.99.4)
    netrc (0.7.1)
    newrelic_rpm (3.3.3)
    r18n-core (0.4.14)
    rack (1.4.1)
    rack-force_domain (0.2.0)
    rack-protection (1.2.0)
      rack
    rack-test (0.6.1)
      rack (>= 1.0)
    rack-timeout (0.0.3)
    rake (0.9.2.2)
    rb-fsevent (0.9.1)
    redcarpet (2.1.1)
    rest-client (1.6.7)
      mime-types (>= 1.16)
    rubyzip (0.9.7)
    sass (3.1.15)
    sequel (3.34.1)
    simplecov (0.6.1)
      multi_json (~> 1.0)
      simplecov-html (~> 0.5.3)
    simplecov-html (0.5.3)
    sinatra (1.3.2)
      rack (~> 1.3, >= 1.3.6)
      rack-protection (~> 1.2)
      tilt (~> 1.3, >= 1.3.3)
    sinatra-contrib (1.3.1)
      backports (>= 2.0)
      eventmachine
      rack-protection
      rack-test
      sinatra (~> 1.3.0)
      tilt (~> 1.3)
    sinatra-flash (0.3.0)
      sinatra (>= 1.0.0)
    sinatra-r18n (0.4.14)
      r18n-core (= 0.4.14)
      sinatra (>= 1.3)
    sqlite3 (1.3.5)
    sqlite3-ruby (1.3.3)
      sqlite3 (>= 1.3.3)
    stringex (1.3.2)
    thin (1.3.1)
      daemons (>= 1.0.9)
      eventmachine (>= 0.12.6)
      rack (>= 1.0.0)
    thor (0.14.6)
    tilt (1.3.3)

PLATFORMS
  ruby

DEPENDENCIES
  bcrypt-ruby
  dm-aggregates
  dm-core
  dm-migrations
  dm-postgres-adapter
  dm-sqlite-adapter
  dm-timestamps
  dm-validations
  foreman
  heroku
  json
  mustache
  newrelic_rpm
  rack-force_domain
  rack-test
  rack-timeout
  rake
  rb-fsevent
  redcarpet
  sass
  simplecov
  sinatra
  sinatra-contrib
  sinatra-flash
  sinatra-r18n
  stringex
  taps!
  thin
