GEM
  remote: http://rubygems.org/
  specs:
    addressable (2.2.6)
    bcrypt-ruby (2.1.4)
    data_objects (0.10.6)
      addressable (~> 2.1)
    dm-core (1.1.0)
      addressable (~> 2.2.4)
    dm-do-adapter (1.1.0)
      data_objects (~> 0.10.2)
      dm-core (~> 1.1.0)
    dm-postgres-adapter (1.1.0)
      dm-do-adapter (~> 1.1.0)
      do_postgres (~> 0.10.2)
    dm-sqlite-adapter (1.1.0)
      dm-do-adapter (~> 1.1.0)
      do_sqlite3 (~> 0.10.2)
    dm-timestamps (1.1.0)
      dm-core (~> 1.1.0)
    dm-validations (1.1.0)
      dm-core (~> 1.1.0)
    do_postgres (0.10.6)
      data_objects (= 0.10.6)
    do_sqlite3 (0.10.6)
      data_objects (= 0.10.6)
    heroku (2.3.6)
      launchy (>= 0.3.2)
      rest-client (~> 1.6.1)
      term-ansicolor (~> 1.0.5)
    launchy (2.0.3)
    mime-types (1.16)
    newrelic_rpm (3.1.0)
    r18n-core (0.4.10)
    rack (1.3.1)
    rack-force_domain (0.2.0)
    rack-test (0.6.0)
      rack (>= 1.0)
    rack-timeout (0.0.3)
    redcarpet (1.17.2)
    rest-client (1.6.3)
      mime-types (>= 1.16)
    sass (3.1.4)
    shotgun (0.9)
      rack (>= 1.0)
    simplecov (0.4.2)
      simplecov-html (~> 0.4.4)
    simplecov-html (0.4.5)
    sinatra (1.2.6)
      rack (~> 1.1)
      tilt (>= 1.2.2, < 2.0)
    sinatra-flash (0.3.0)
      sinatra (>= 1.0.0)
    sinatra-r18n (0.4.10)
      r18n-core (= 0.4.10)
      sinatra (>= 0.9)
    slim (0.9.4)
      temple (~> 0.3.0)
      tilt (~> 1.2)
    temple (0.3.2)
    term-ansicolor (1.0.5)
    tilt (1.3.2)
    unidecode (1.0.0)

PLATFORMS
  ruby

DEPENDENCIES
  bcrypt-ruby
  dm-core
  dm-postgres-adapter
  dm-sqlite-adapter
  dm-timestamps
  dm-validations
  heroku
  newrelic_rpm
  rack-force_domain
  rack-test
  rack-timeout
  redcarpet
  sass
  shotgun
  simplecov
  sinatra
  sinatra-flash
  sinatra-r18n
  slim
  unidecode
