GEM
  remote: http://rubygems.org/
  specs:
    addressable (2.2.4)
    configuration (1.2.0)
    cuba (0.3.0)
      rack (~> 1.2)
      tilt (~> 1.1)
    data_objects (0.10.3)
      addressable (~> 2.1)
    dm-core (1.0.2)
      addressable (~> 2.2)
      extlib (~> 0.9.15)
    dm-do-adapter (1.0.2)
      data_objects (~> 0.10.2)
      dm-core (~> 1.0.2)
    dm-is-slug (1.1.0)
      dm-core (~> 1.0.2)
      dm-validations (~> 1.0.2)
      unidecode (~> 1.0.0)
    dm-postgres-adapter (1.0.2)
      dm-do-adapter (~> 1.0.2)
      do_postgres (~> 0.10.2)
    dm-sqlite-adapter (1.0.2)
      dm-do-adapter (~> 1.0.2)
      do_sqlite3 (~> 0.10.2)
    dm-timestamps (1.0.2)
      dm-core (~> 1.0.2)
    dm-validations (1.0.2)
      dm-core (~> 1.0.2)
    do_postgres (0.10.3)
      data_objects (= 0.10.3)
    do_sqlite3 (0.10.3)
      data_objects (= 0.10.3)
    extlib (0.9.15)
    heroku (1.17.14)
      json (~> 1.4.6)
      launchy (~> 0.3.2)
      rest-client (>= 1.4.0, < 1.7.0)
    json (1.4.6)
    launchy (0.3.7)
      configuration (>= 0.0.5)
      rake (>= 0.8.1)
    mime-types (1.16)
    r18n-core (0.4.9)
    rack (1.2.1)
    rack-no-www (0.0.1)
    rack-r18n (0.1)
      r18n-core
      rack
    rake (0.8.7)
    rest-client (1.6.1)
      mime-types (>= 1.16)
    sass (3.1.0.alpha.221)
    shotgun (0.8)
      rack (>= 1.0)
    slim (0.9.0)
      temple (~> 0.1.7)
      tilt (~> 1.2)
    temple (0.1.7)
    tilt (1.2.2)
    unidecode (1.0.0)

PLATFORMS
  ruby

DEPENDENCIES
  cuba
  dm-core
  dm-is-slug
  dm-postgres-adapter
  dm-sqlite-adapter
  dm-timestamps
  heroku
  rack-no-www
  rack-r18n
  sass
  shotgun
  slim
