GEM
  remote: https://rubygems.org/
  specs:
    addressable (2.2.8)
    data_objects (0.10.12)
      addressable (~> 2.1)
    dm-aggregates (1.2.0)
      dm-core (~> 1.2.0)
    dm-core (1.2.0)
      addressable (~> 2.2.6)
    dm-do-adapter (1.2.0)
      data_objects (~> 0.10.6)
      dm-core (~> 1.2.0)
    dm-migrations (1.2.0)
      dm-core (~> 1.2.0)
    dm-postgres-adapter (1.2.0)
      dm-do-adapter (~> 1.2.0)
      do_postgres (~> 0.10.6)
    dm-serializer (1.2.2)
      dm-core (~> 1.2.0)
      fastercsv (~> 1.5)
      json (~> 1.6)
      json_pure (~> 1.6)
      multi_json (~> 1.0)
    dm-timestamps (1.2.0)
      dm-core (~> 1.2.0)
    dm-validations (1.2.0)
      dm-core (~> 1.2.0)
    do_postgres (0.10.12)
      data_objects (= 0.10.12)
    fastercsv (1.5.5)
    json (1.7.7)
    json_pure (1.7.7)
    multi_json (1.6.1)
    newrelic_rpm (3.5.8.72)
    puma (1.6.3)
      rack (~> 1.2)
    r18n-core (1.1.4)
    rack (1.5.2)
    rack-force_domain (0.2.0)
    rack-protection (1.4.0)
      rack
    rack-test (0.6.2)
      rack (>= 1.0)
    rack-timeout (0.0.3)
    redcarpet (2.2.2)
    scrypt (1.1.0)
    shotgun (0.9)
      rack (>= 1.0)
    simplecov (0.7.1)
      multi_json (~> 1.0)
      simplecov-html (~> 0.7.1)
    simplecov-html (0.7.1)
    sinatra (1.3.5)
      rack (~> 1.4)
      rack-protection (~> 1.3)
      tilt (~> 1.3, >= 1.3.3)
    sinatra-flash-nicer (0.3.2)
      sinatra (>= 1.0.0)
    sinatra-r18n (1.1.4)
      r18n-core (= 1.1.4)
      sinatra (>= 1.3)
    sinatra-redirect-with-flash (0.2.0)
      sinatra (>= 1.0.0)
    stringex (1.5.1)
    tilt (1.3.5)

PLATFORMS
  ruby

DEPENDENCIES
  dm-aggregates
  dm-core
  dm-migrations
  dm-postgres-adapter
  dm-serializer
  dm-timestamps
  dm-validations
  json
  newrelic_rpm
  puma
  rack-force_domain
  rack-test
  rack-timeout
  redcarpet
  scrypt
  shotgun
  simplecov
  sinatra
  sinatra-flash-nicer
  sinatra-r18n
  sinatra-redirect-with-flash
  stringex
