GEM
  remote: https://rubygems.org/
  specs:
    addressable (2.3.6)
    data_objects (0.10.14)
      addressable (~> 2.1)
    dm-aggregates (1.2.0)
      dm-core (~> 1.2.0)
    dm-core (1.2.1)
      addressable (~> 2.3)
    dm-do-adapter (1.2.0)
      data_objects (~> 0.10.6)
      dm-core (~> 1.2.0)
    dm-migrations (1.2.0)
      dm-core (~> 1.2.0)
    dm-postgres-adapter (1.2.0)
      dm-do-adapter (~> 1.2.0)
      do_postgres (~> 0.10.6)
    dm-serializer (1.2.2)
      dm-core (~> 1.2.0)
      fastercsv (~> 1.5)
      json (~> 1.6)
      json_pure (~> 1.6)
      multi_json (~> 1.0)
    dm-timestamps (1.2.0)
      dm-core (~> 1.2.0)
    dm-validations (1.2.0)
      dm-core (~> 1.2.0)
    do_postgres (0.10.14)
      data_objects (= 0.10.14)
    docile (1.1.3)
    fastercsv (1.5.5)
    json (1.8.1)
    json_pure (1.8.1)
    multi_json (1.9.2)
    newrelic_rpm (3.7.3.204)
    puma (2.8.2)
      rack (>= 1.1, < 2.0)
    r18n-core (1.1.9)
    rack (1.5.2)
    rack-force_domain (0.3.0)
    rack-protection (1.5.3)
      rack
    rack-test (0.6.2)
      rack (>= 1.0)
    rack-timeout (0.0.4)
    rake (10.2.2)
    redcarpet (3.1.1)
    scrypt (1.1.0)
    shotgun (0.9)
      rack (>= 1.0)
    simplecov (0.8.2)
      docile (~> 1.1.0)
      multi_json
      simplecov-html (~> 0.8.0)
    simplecov-html (0.8.0)
    sinatra (1.4.5)
      rack (~> 1.4)
      rack-protection (~> 1.4)
      tilt (~> 1.3, >= 1.3.4)
    sinatra-flash-nicer (0.3.2)
      sinatra (>= 1.0.0)
    sinatra-r18n (1.1.9)
      r18n-core (= 1.1.9)
      sinatra (>= 1.3)
    sinatra-redirect-with-flash (0.2.1)
      sinatra (>= 1.0.0)
    stringex (2.5.2)
    tilt (1.4.1)

PLATFORMS
  ruby

DEPENDENCIES
  dm-aggregates
  dm-core
  dm-migrations
  dm-postgres-adapter
  dm-serializer
  dm-timestamps
  dm-validations
  json
  newrelic_rpm
  puma
  rack-force_domain
  rack-test
  rack-timeout
  rake
  redcarpet
  scrypt (= 1.1.0)
  shotgun
  simplecov
  sinatra
  sinatra-flash-nicer
  sinatra-r18n
  sinatra-redirect-with-flash
  stringex
